GIT
  remote: git://github.com/burtlo/happymapper.git
  revision: e92f594c19d252bb855feb32ab268a7ca953bee0
  branch: unhappymapper-nokogiri
  specs:
    nokogiri-happymapper (0.3.6)
      nokogiri (~> 1.4.2)

GEM
  remote: http://rubygems.org/
  specs:
    actionmailer (2.3.11)
      actionpack (= 2.3.11)
    actionpack (2.3.11)
      activesupport (= 2.3.11)
      rack (~> 1.1.0)
    activerecord (2.3.11)
      activesupport (= 2.3.11)
    activeresource (2.3.11)
      activesupport (= 2.3.11)
    activesupport (2.3.11)
    authlogic (2.1.2)
      activesupport
    blankslate (2.1.2.4)
    builder (3.0.0)
    cucumber (1.0.2)
      builder (>= 2.1.2)
      diff-lcs (>= 1.1.2)
      gherkin (~> 2.4.5)
      json (>= 1.4.6)
      term-ansicolor (>= 1.0.5)
    cucumber-rails (0.3.2)
      cucumber (>= 0.8.0)
    curb (0.7.16)
    database_cleaner (0.7.0)
    diff-lcs (1.1.3)
    fakeweb (1.3.0)
    fastercsv (1.5.4)
    gherkin (2.4.5)
      json (>= 1.4.6)
    hoe (2.8.0)
      rake (>= 0.8.7)
    json (1.6.2)
    libxml-ruby (1.1.3)
    marc (0.3.0)
    metaclass (0.0.1)
    mime-types (1.17.2)
    mocha (0.10.0)
      metaclass (~> 0.0.1)
    mysql (2.8.1)
    nokogiri (1.4.3.1)
    parslet (1.2.0)
      blankslate (~> 2.0)
    prawn (0.8.4)
      prawn-core (< 0.9, >= 0.8.4)
      prawn-layout (< 0.9, >= 0.8.4)
      prawn-security (< 0.9, >= 0.8.4)
    prawn-core (0.8.4)
    prawn-layout (0.8.4)
    prawn-security (0.8.4)
    rack (1.1.2)
    rack-test (0.6.1)
      rack (>= 1.0)
    rails (2.3.11)
      actionmailer (= 2.3.11)
      actionpack (= 2.3.11)
      activerecord (= 2.3.11)
      activeresource (= 2.3.11)
      activesupport (= 2.3.11)
      rake (>= 0.8.3)
    rake (0.9.2.2)
    rcov (0.9.11)
    rest-client (1.6.1)
      mime-types (>= 1.16)
    rsolr (1.0.2)
      builder (>= 2.1.2)
    rsolr-ext (1.0.1)
      rsolr (>= 1.0.1)
    rspec (1.3.2)
    rspec-rails (1.3.4)
      rack (>= 1.0.0)
      rspec (~> 1.3.1)
    ruby-net-ldap (0.0.4)
    ruby-xslt (0.9.6)
    rubytree (0.5.2)
      hoe (>= 1.3.0)
    term-ansicolor (1.0.7)
    unicode (0.3.1)
    webrat (0.7.3)
      nokogiri (>= 1.2.0)
      rack (>= 1.0)
      rack-test (>= 0.5.3)
    will_paginate (2.3.11)

PLATFORMS
  ruby

DEPENDENCIES
  authlogic (= 2.1.2)
  builder (= 3.0.0)
  cucumber (= 1.0.2)
  cucumber-rails
  curb
  database_cleaner
  fakeweb
  fastercsv
  gherkin (= 2.4.5)
  hoe (= 2.8.0)
  libxml-ruby (= 1.1.3)
  marc (= 0.3.0)
  mocha
  mysql (= 2.8.1)
  nokogiri (= 1.4.3.1)
  nokogiri-happymapper!
  parslet (= 1.2.0)
  prawn (= 0.8.4)
  prawn-core (= 0.8.4)
  prawn-layout (= 0.8.4)
  prawn-security (= 0.8.4)
  rack
  rails (= 2.3.11)
  rcov
  rest-client (= 1.6.1)
  rsolr (= 1.0.2)
  rsolr-ext (= 1.0.1)
  rspec (< 2.0.0)
  rspec-rails (< 2.0.0)
  ruby-net-ldap (= 0.0.4)
  ruby-xslt (= 0.9.6)
  rubytree (= 0.5.2)
  unicode (= 0.3.1)
  webrat
  will_paginate (= 2.3.11)
