GIT
  remote: git://github.com/burtlo/happymapper.git
  revision: e92f594c19d252bb855feb32ab268a7ca953bee0
  branch: unhappymapper-nokogiri
  specs:
    nokogiri-happymapper (0.3.6)
      nokogiri (~> 1.4.2)

GEM
  remote: http://rubygems.org/
  specs:
    actionmailer (2.3.5)
      actionpack (= 2.3.5)
    actionpack (2.3.5)
      activesupport (= 2.3.5)
      rack (~> 1.0.0)
    activerecord (2.3.5)
      activesupport (= 2.3.5)
    activeresource (2.3.5)
      activesupport (= 2.3.5)
    activesupport (2.3.5)
    authlogic (2.1.2)
      activesupport
    blankslate (2.1.2.4)
    builder (3.0.0)
    cucumber (1.0.2)
      builder (>= 2.1.2)
      diff-lcs (>= 1.1.2)
      gherkin (~> 2.4.5)
      json (>= 1.4.6)
      term-ansicolor (>= 1.0.5)
    cucumber-rails (0.3.2)
      cucumber (>= 0.8.0)
    curb (0.7.15)
    database_cleaner (0.6.7)
    diff-lcs (1.1.2)
    fakeweb (1.3.0)
    fastercsv (1.5.4)
    gherkin (2.4.5)
      json (>= 1.4.6)
    hoe (2.8.0)
      rake (>= 0.8.7)
    json (1.5.3)
    libxml-ruby (1.1.3)
    marc (0.3.0)
    mime-types (1.16)
    mocha (0.9.12)
    mysql (2.8.1)
    nokogiri (1.4.3.1)
    parslet (1.2.0)
      blankslate (~> 2.0)
    prawn (0.8.4)
      prawn-core (>= 0.8.4, < 0.9)
      prawn-layout (>= 0.8.4, < 0.9)
      prawn-security (>= 0.8.4, < 0.9)
    prawn-core (0.8.4)
    prawn-layout (0.8.4)
    prawn-security (0.8.4)
    rack (1.0.1)
    rack-test (0.5.7)
      rack (>= 1.0)
    rails (2.3.5)
      actionmailer (= 2.3.5)
      actionpack (= 2.3.5)
      activerecord (= 2.3.5)
      activeresource (= 2.3.5)
      activesupport (= 2.3.5)
      rake (>= 0.8.3)
    rake (0.8.7)
    rcov (0.9.9)
    rest-client (1.6.1)
      mime-types (>= 1.16)
    rsolr (0.12.1)
      builder (>= 2.1.2)
    rsolr-ext (0.12.0)
      rsolr (>= 0.12.1)
    rspec (1.3.2)
    rspec-rails (1.3.4)
      rack (>= 1.0.0)
      rspec (~> 1.3.1)
    ruby-net-ldap (0.0.4)
    ruby-xslt (0.9.6)
    rubytree (0.5.2)
      hoe (>= 1.3.0)
    term-ansicolor (1.0.6)
    unicode (0.3.1)
    webrat (0.7.3)
      nokogiri (>= 1.2.0)
      rack (>= 1.0)
      rack-test (>= 0.5.3)
    will_paginate (2.3.11)

PLATFORMS
  ruby

DEPENDENCIES
  activesupport (= 2.3.5)
  authlogic (= 2.1.2)
  builder (= 3.0.0)
  cucumber (= 1.0.2)
  cucumber-rails
  curb
  database_cleaner
  fakeweb
  fastercsv
  gherkin (= 2.4.5)
  hoe (= 2.8.0)
  libxml-ruby (= 1.1.3)
  marc (= 0.3.0)
  mocha
  mysql (= 2.8.1)
  nokogiri (= 1.4.3.1)
  nokogiri-happymapper!
  parslet (= 1.2.0)
  prawn (= 0.8.4)
  prawn-core (= 0.8.4)
  prawn-layout (= 0.8.4)
  prawn-security (= 0.8.4)
  rack
  rails (= 2.3.5)
  rcov
  rest-client (= 1.6.1)
  rsolr (= 0.12.1)
  rsolr-ext (= 0.12.0)
  rspec (< 2.0.0)
  rspec-rails (< 2.0.0)
  ruby-net-ldap (= 0.0.4)
  ruby-xslt (= 0.9.6)
  rubytree (= 0.5.2)
  unicode (= 0.3.1)
  webrat
  will_paginate (= 2.3.11)
